GEM
  remote: http://rubygems.org/
  specs:
    newrelic_rpm (3.5.5.38)
    rack (1.4.1)
    rack-contrib (1.1.0)
      rack (>= 0.9.1)

PLATFORMS
  ruby

DEPENDENCIES
  newrelic_rpm
  rack-contrib
